GEM
  remote: https://rubygems.org/
  specs:
    slop (4.1.0)
    streamio-ffmpeg (1.0.0)

PLATFORMS
  ruby

DEPENDENCIES
  slop
  streamio-ffmpeg
